PATH
  remote: .
  specs:
    twitter_hashtag (0.0.3)
      json (~> 1.4.6)

GEM
  remote: http://rubygems.org/
  specs:
    aruba (0.2.6)
      background_process
      cucumber (~> 0.9.4)
    background_process (1.2)
    builder (2.1.2)
    cucumber (0.9.4)
      builder (~> 2.1.2)
      diff-lcs (~> 1.1.2)
      gherkin (~> 2.2.9)
      json (~> 1.4.6)
      term-ansicolor (~> 1.0.5)
    diff-lcs (1.1.2)
    gherkin (2.2.9)
      json (~> 1.4.6)
      term-ansicolor (~> 1.0.5)
    json (1.4.6)
    rspec (2.2.0)
      rspec-core (~> 2.2)
      rspec-expectations (~> 2.2)
      rspec-mocks (~> 2.2)
    rspec-core (2.2.1)
    rspec-expectations (2.2.0)
      diff-lcs (~> 1.1.2)
    rspec-mocks (2.2.0)
    term-ansicolor (1.0.5)

PLATFORMS
  ruby

DEPENDENCIES
  aruba (~> 0.2.6)
  cucumber (~> 0.9.4)
  json (~> 1.4.6)
  rspec (~> 2.2.0)
  twitter_hashtag!
